GEM
  remote: https://rubygems.org/
  specs:
    paint (0.8.4)
    raspell (1.3)

PLATFORMS
  ruby

DEPENDENCIES
  paint
  raspell
